PATH
  remote: .
  specs:
    stackprof-webnav (1.0.3)
      better_errors (~> 1.1.0)
      haml (~> 5.2.2)
      ruby-graphviz (~> 1.2.4)
      sinatra (~> 2.1.0)
      sinatra-contrib (~> 2.1.0)
      stackprof (>= 0.2.13)
      webrick (~> 1.7.0)

GEM
  remote: https://rubygems.org/
  specs:
    better_errors (1.1.0)
      coderay (>= 1.0.0)
      erubis (>= 2.6.6)
    coderay (1.1.3)
    diff-lcs (1.4.4)
    erubis (2.7.0)
    haml (5.2.2)
      temple (>= 0.8.0)
      tilt
    method_source (1.0.0)
    multi_json (1.15.0)
    mustermann (1.1.1)
      ruby2_keywords (~> 0.0.1)
    pry (0.14.1)
      coderay (~> 1.1)
      method_source (~> 1.0)
    rack (2.2.3)
    rack-protection (2.1.0)
      rack
    rack-test (1.1.0)
      rack (>= 1.0, < 3)
    rake (10.5.0)
    rexml (3.2.5)
    rspec (3.9.0)
      rspec-core (~> 3.9.0)
      rspec-expectations (~> 3.9.0)
      rspec-mocks (~> 3.9.0)
    rspec-core (3.9.3)
      rspec-support (~> 3.9.3)
    rspec-expectations (3.9.4)
      diff-lcs (>= 1.2.0, < 2.0)
      rspec-support (~> 3.9.0)
    rspec-mocks (3.9.1)
      diff-lcs (>= 1.2.0, < 2.0)
      rspec-support (~> 3.9.0)
    rspec-support (3.9.4)
    ruby-graphviz (1.2.5)
      rexml
    ruby2_keywords (0.0.5)
    sinatra (2.1.0)
      mustermann (~> 1.0)
      rack (~> 2.2)
      rack-protection (= 2.1.0)
      tilt (~> 2.0)
    sinatra-contrib (2.1.0)
      multi_json
      mustermann (~> 1.0)
      rack-protection (= 2.1.0)
      sinatra (= 2.1.0)
      tilt (~> 2.0)
    stackprof (0.2.17)
    temple (0.8.2)
    tilt (2.0.10)
    webrick (1.7.0)

PLATFORMS
  ruby

DEPENDENCIES
  bundler (~> 2.2)
  pry
  rack-test (~> 1.1.0)
  rake (~> 10.1)
  rspec (~> 3.9.0)
  stackprof-webnav!

BUNDLED WITH
   2.2.18
